GEM
  remote: http://rubygems.org/
  specs:
    activesupport (3.2.22.5)
      i18n (~> 0.6, >= 0.6.4)
      multi_json (~> 1.0)
    concurrent-ruby (1.1.10)
    factory_girl (4.0.0)
      activesupport (>= 3.0.0)
    i18n (0.9.5)
      concurrent-ruby (~> 1.0)
    minitest (3.3.0)
    multi_json (1.15.0)

PLATFORMS
  ruby

DEPENDENCIES
  factory_girl
  minitest
